GEM
  remote: https://rubygems.org/
  specs:
    lomilomi (0.2.1)
      thor
    rake (10.1.1)
    thor (0.18.1)

PLATFORMS
  ruby

DEPENDENCIES
  lomilomi
  rake
