GEM
  remote: https://rubygems.org/
  specs:
    bson (1.9.2)
    lomilomi (0.2.1)
      thor
    mongo (1.9.2)
      bson (~> 1.9.2)
    rake (10.1.1)
    thor (0.18.1)

PLATFORMS
  ruby

DEPENDENCIES
  lomilomi
  mongo
  rake
